GEM
  remote: https://rubygems.org/
  specs:
    builder (3.2.3)
    ethon (0.12.0)
      ffi (>= 1.3.0)
    faraday (0.15.4)
      multipart-post (>= 1.2, < 3)
    faraday_middleware (0.13.1)
      faraday (>= 0.7.4, < 1.0)
    ffi (1.10.0)
    ghee (0.15.23)
      faraday (~> 0.9)
      faraday_middleware (~> 0.9)
      hashie (~> 3.3.2)
      highline (~> 1.6.15)
      multi_json (~> 1.3)
      typhoeus (~> 0.7.0)
    hashie (3.3.2)
    highline (1.6.21)
    multi_json (1.13.1)
    multipart-post (2.1.1)
    typhoeus (0.7.3)
      ethon (>= 0.7.4)

PLATFORMS
  ruby

DEPENDENCIES
  builder
  ghee

BUNDLED WITH
   2.0.1
